GEM
  remote: https://rubygems.org/
  specs:
    jwt (1.2.1)

PLATFORMS
  ruby

DEPENDENCIES
  jwt
